GEM
  remote: https://rubygems.org/
  specs:
    minitest (5.19.0)
    rake (13.0.6)
    rufo (0.16.2)

PLATFORMS
  x86_64-linux

DEPENDENCIES
  minitest
  rake
  rufo

BUNDLED WITH
   2.3.7
